PATH
  remote: .
  specs:
    statsdserver (0.3)
      amqp
      bundler
      eventmachine
      parseconfig
      sysexits

GEM
  remote: http://rubygems.org/
  specs:
    amq-client (0.9.4)
      amq-protocol (>= 0.9.4)
      eventmachine
    amq-protocol (0.9.4)
    amqp (0.9.7)
      amq-client (~> 0.9.4)
      amq-protocol (>= 0.9.4)
      eventmachine
    diff-lcs (1.1.3)
    eventmachine (0.12.10)
    parseconfig (1.0.2)
    rspec (2.11.0)
      rspec-core (~> 2.11.0)
      rspec-expectations (~> 2.11.0)
      rspec-mocks (~> 2.11.0)
    rspec-core (2.11.1)
    rspec-expectations (2.11.2)
      diff-lcs (~> 1.1.3)
    rspec-mocks (2.11.1)
    sysexits (1.0.2)

PLATFORMS
  ruby

DEPENDENCIES
  rspec
  statsdserver!
